{
	"Modality": "MR",
	"MagneticFieldStrength": 3,
	"ImagingFrequency": 123.243,
	"Manufacturer": "Siemens",
	"ManufacturersModelName": "TrioTim",
	"InstitutionName": "Freie_Universitaet",
	"InstitutionalDepartmentName": "Department",
	"InstitutionAddress": "Habelschwerdter_Allee_45_Berlin_District_DE_14195",
	"DeviceSerialNumber": "35370",
	"StationName": "MRC35370",
	"PatientPosition": "HFS",
	"ProcedureStepDescription": "Projekte_fMRI_12ch_localizer",
	"SoftwareVersions": "syngo_MR_B17",
	"MRAcquisitionType": "2D",
	"SeriesDescription": "gre_field_mapping_(37_37_Bilder)",
	"ProtocolName": "gre_field_mapping_(37_37_Bilder)",
	"ScanningSequence": "GR",
	"SequenceVariant": "SP",
	"SequenceName": "_fm2d2r",
	"ImageType": ["ORIGINAL", "PRIMARY", "P", "ND"],
	"SeriesNumber": 7,
	"AcquisitionTime": "13:44:33.900000",
	"AcquisitionNumber": 1,
	"SliceThickness": 3,
	"SpacingBetweenSlices": 3.3,
	"SAR": 0.178072,
	"EchoNumber": 2,
	"EchoTime1": 0.00492,
  "EchoTime2": 0.00738,
	"RepetitionTime": 0.488,
	"FlipAngle": 60,
	"PartialFourier": 1,
	"BaseResolution": 64,
	"ShimSetting": [
		-6807,
		-5777,
		-10766,
		431,
		503,
		1896,
		-62,
		118	],
	"TxRefAmp": 308.537,
	"PhaseResolution": 1,
	"ReceiveCoilName": "HeadMatrix",
	"CoilString": "C:HEA;HEP",
	"PulseSequenceDetails": "%SiemensSeq%_gre_field_mapping",
	"PercentPhaseFOV": 100,
	"PhaseEncodingSteps": 64,
	"AcquisitionMatrixPE": 64,
	"ReconMatrixPE": 64,
	"PixelBandwidth": 260,
	"DwellTime": 3e-05,
	"PhaseEncodingDirection": "i",
	"ImageOrientationPatientDICOM": [
		0.999552,
		0.0269133,
		-0.013129,
		-0.029666,
		0.949692,
		-0.311776	],
	"InPlanePhaseEncodingDirectionDICOM": "ROW",
	"ConversionSoftware": "dcm2niix",
	"ConversionSoftwareVersion": "v1.0.20181125  (JP2:OpenJPEG) (JP-LS:CharLS) Clang10.0.0"
}
