{
	"Modality": "MR",
	"MagneticFieldStrength": 3,
	"ImagingFrequency": 123.243,
	"Manufacturer": "Siemens",
	"ManufacturersModelName": "TrioTim",
	"InstitutionName": "Freie_Universitaet",
	"InstitutionalDepartmentName": "Department",
	"InstitutionAddress": "Habelschwerdter_Allee_45_Berlin_District_DE_14195",
	"DeviceSerialNumber": "35370",
	"StationName": "MRC35370",
	"PatientPosition": "HFS",
	"ProcedureStepDescription": "Projekte_fMRI_12ch_localizer",
	"SoftwareVersions": "syngo_MR_B17",
	"MRAcquisitionType": "2D",
	"SeriesDescription": "gre_field_mapping_(37_37)",
	"ProtocolName": "gre_field_mapping_(37_37)",
	"ScanningSequence": "GR",
	"SequenceVariant": "SP",
	"SequenceName": "_fm2d2r",
	"ImageType": ["ORIGINAL", "PRIMARY", "P", "ND"],
	"SeriesNumber": 3,
	"AcquisitionTime": "16:45:44.125000",
	"AcquisitionNumber": 1,
	"SliceThickness": 3,
	"SpacingBetweenSlices": 3.3,
	"SAR": 0.185246,
	"EchoNumber": 2,
	"EchoTime1": 0.00492,
  "EchoTime2": 0.00738,
	"RepetitionTime": 0.488,
	"FlipAngle": 60,
	"PartialFourier": 1,
	"BaseResolution": 64,
	"ShimSetting": [
		-6837,
		-5779,
		-10886,
		315,
		599,
		1825,
		508,
		115	],
	"TxRefAmp": 294.903,
	"PhaseResolution": 1,
	"ReceiveCoilName": "HeadMatrix",
	"CoilString": "C:HEA;HEP",
	"PulseSequenceDetails": "%SiemensSeq%_gre_field_mapping",
	"PercentPhaseFOV": 100,
	"PhaseEncodingSteps": 64,
	"AcquisitionMatrixPE": 64,
	"ReconMatrixPE": 64,
	"PixelBandwidth": 260,
	"DwellTime": 3e-05,
	"PhaseEncodingDirection": "i",
	"ImageOrientationPatientDICOM": [
		0.999995,
		0.00323258,
		0.000408286,
		-0.00313235,
		0.988273,
		-0.152666	],
	"InPlanePhaseEncodingDirectionDICOM": "ROW",
	"ConversionSoftware": "dcm2niix",
	"ConversionSoftwareVersion": "v1.0.20181125  (JP2:OpenJPEG) (JP-LS:CharLS) Clang10.0.0"
}
