{
	"Modality": "MR",
	"MagneticFieldStrength": 3,
	"ImagingFrequency": 123.243,
	"Manufacturer": "Siemens",
	"ManufacturersModelName": "TrioTim",
	"InstitutionName": "Freie_Universitaet",
	"InstitutionalDepartmentName": "Department",
	"InstitutionAddress": "Habelschwerdter_Allee_45_Berlin_District_DE_14195",
	"DeviceSerialNumber": "35370",
	"StationName": "MRC35370",
	"PatientPosition": "HFS",
	"ProcedureStepDescription": "Projekte_fMRI_12ch_localizer",
	"SoftwareVersions": "syngo_MR_B17",
	"MRAcquisitionType": "2D",
	"SeriesDescription": "ep2d_267",
	"ProtocolName": "ep2d_267",
	"ScanningSequence": "EP",
	"SequenceVariant": "SK",
	"ScanOptions": "FS",
	"SequenceName": "_epfid2d1_64",
	"ImageType": ["ORIGINAL", "PRIMARY", "M", "ND", "MOSAIC"],
	"SeriesNumber": 4,
	"AcquisitionTime": "16:18:18.932500",
	"AcquisitionNumber": 1,
	"SliceThickness": 3,
	"SpacingBetweenSlices": 3.3,
	"SAR": 0.110815,
	"EchoTime": 0.03,
	"RepetitionTime": 2,
	"FlipAngle": 70,
	"PartialFourier": 1,
	"BaseResolution": 64,
	"ShimSetting": [
		-6838,
		-5506,
		-10746,
		304,
		561,
		1780,
		-94,
		70	],
	"TxRefAmp": 293.367,
	"PhaseResolution": 1,
	"ReceiveCoilName": "HeadMatrix",
	"CoilString": "t:HEA;HEP",
	"PulseSequenceDetails": "%SiemensSeq%_ep2d_bold",
	"PercentPhaseFOV": 100,
	"PhaseEncodingSteps": 63,
	"AcquisitionMatrixPE": 64,
	"ReconMatrixPE": 64,
	"BandwidthPerPixelPhaseEncode": 58.962,
	"ParallelReductionFactorInPlane": 2,
	"EffectiveEchoSpacing": 0.000265001,
	"DerivedVendorReportedEchoSpacing": 0.000530002,
	"TotalReadoutTime": 0.0166951,
	"PixelBandwidth": 2232,
	"DwellTime": 3.5e-06,
	"PhaseEncodingDirection": "j-",
	"SliceTiming": [
		0,
		1.03,
		0.055,
		1.085,
		0.1075,
		1.14,
		0.1625,
		1.1925,
		0.2175,
		1.2475,
		0.27,
		1.3025,
		0.325,
		1.355,
		0.38,
		1.41,
		0.435,
		1.465,
		0.4875,
		1.52,
		0.5425,
		1.5725,
		0.5975,
		1.6275,
		0.65,
		1.6825,
		0.705,
		1.735,
		0.76,
		1.79,
		0.8125,
		1.845,
		0.8675,
		1.8975,
		0.9225,
		1.9525,
		0.9775	],
	"ImageOrientationPatientDICOM": [
		0.999311,
		-0.0187855,
		-0.0320125,
		0.0122095,
		0.980838,
		-0.19444	],
	"InPlanePhaseEncodingDirectionDICOM": "COL",
	"ConversionSoftware": "dcm2niix",
	"ConversionSoftwareVersion": "v1.0.20181125  (JP2:OpenJPEG) (JP-LS:CharLS) Clang10.0.0"
}
