{
	"Modality": "MR",
	"MagneticFieldStrength": 3,
	"ImagingFrequency": 123.243,
	"Manufacturer": "Siemens",
	"ManufacturersModelName": "TrioTim",
	"InstitutionName": "Freie_Universitaet",
	"InstitutionalDepartmentName": "Department",
	"InstitutionAddress": "Habelschwerdter_Allee_45_Berlin_District_DE_14195",
	"DeviceSerialNumber": "35370",
	"StationName": "MRC35370",
	"PatientPosition": "HFS",
	"ProcedureStepDescription": "Projekte_fMRI_12ch_localizer",
	"SoftwareVersions": "syngo_MR_B17",
	"MRAcquisitionType": "2D",
	"SeriesDescription": "ep2d_267",
	"ProtocolName": "ep2d_267",
	"ScanningSequence": "EP",
	"SequenceVariant": "SK",
	"ScanOptions": "FS",
	"SequenceName": "_epfid2d1_64",
	"ImageType": ["ORIGINAL", "PRIMARY", "M", "ND", "MOSAIC"],
	"SeriesNumber": 4,
	"AcquisitionTime": "11:10:28.157500",
	"AcquisitionNumber": 1,
	"SliceThickness": 3,
	"SpacingBetweenSlices": 3.3,
	"SAR": 0.103667,
	"EchoTime": 0.03,
	"RepetitionTime": 2,
	"FlipAngle": 70,
	"PartialFourier": 1,
	"BaseResolution": 64,
	"ShimSetting": [
		-6804,
		-5535,
		-10642,
		536,
		515,
		1782,
		403,
		113	],
	"TxRefAmp": 289.514,
	"PhaseResolution": 1,
	"ReceiveCoilName": "HeadMatrix",
	"CoilString": "t:HEA;HEP",
	"PulseSequenceDetails": "%SiemensSeq%_ep2d_bold",
	"PercentPhaseFOV": 100,
	"PhaseEncodingSteps": 63,
	"AcquisitionMatrixPE": 64,
	"ReconMatrixPE": 64,
	"BandwidthPerPixelPhaseEncode": 58.962,
	"ParallelReductionFactorInPlane": 2,
	"EffectiveEchoSpacing": 0.000265001,
	"DerivedVendorReportedEchoSpacing": 0.000530002,
	"TotalReadoutTime": 0.0166951,
	"PixelBandwidth": 2232,
	"DwellTime": 3.5e-06,
	"PhaseEncodingDirection": "j-",
	"SliceTiming": [
		0,
		1.0325,
		0.055,
		1.085,
		0.11,
		1.14,
		0.1625,
		1.195,
		0.2175,
		1.25,
		0.2725,
		1.3025,
		0.3275,
		1.3575,
		0.38,
		1.4125,
		0.435,
		1.465,
		0.49,
		1.52,
		0.5425,
		1.575,
		0.5975,
		1.6275,
		0.6525,
		1.6825,
		0.705,
		1.7375,
		0.76,
		1.7925,
		0.815,
		1.845,
		0.87,
		1.9,
		0.9225,
		1.955,
		0.9775	],
	"ImageOrientationPatientDICOM": [
		0.999948,
		-0.00264463,
		0.00985737,
		0.00349045,
		0.99622,
		-0.0868017	],
	"InPlanePhaseEncodingDirectionDICOM": "COL",
	"ConversionSoftware": "dcm2niix",
	"ConversionSoftwareVersion": "v1.0.20181125  (JP2:OpenJPEG) (JP-LS:CharLS) Clang10.0.0"
}
