{
	"Modality": "MR",
	"MagneticFieldStrength": 3,
	"ImagingFrequency": 123.243,
	"Manufacturer": "Siemens",
	"ManufacturersModelName": "TrioTim",
	"InstitutionName": "Freie_Universitaet",
	"InstitutionalDepartmentName": "Department",
	"InstitutionAddress": "Habelschwerdter_Allee_45_Berlin_District_DE_14195",
	"DeviceSerialNumber": "35370",
	"StationName": "MRC35370",
	"PatientPosition": "HFS",
	"ProcedureStepDescription": "Projekte_fMRI_12ch_localizer",
	"SoftwareVersions": "syngo_MR_B17",
	"MRAcquisitionType": "3D",
	"SeriesDescription": "t1_mpr_1x1x1_176",
	"ProtocolName": "t1_mpr_1x1x1_176",
	"ScanningSequence": "GR_IR",
	"SequenceVariant": "SP_MP",
	"ScanOptions": "IR",
	"SequenceName": "_tfl3d1_ns",
	"ImageType": ["ORIGINAL", "PRIMARY", "M", "ND", "NORM"],
	"SeriesNumber": 7,
	"AcquisitionTime": "11:42:2.280000",
	"AcquisitionNumber": 1,
	"ImageComments": "Pilot",
	"SliceThickness": 1,
	"SAR": 0.113303,
	"EchoTime": 0.00252,
	"RepetitionTime": 1.9,
	"InversionTime": 0.9,
	"FlipAngle": 9,
	"PartialFourier": 1,
	"BaseResolution": 256,
	"ShimSetting": [
		-6871,
		-5863,
		-11011,
		-241,
		560,
		843,
		383,
		13	],
	"TxRefAmp": 301.253,
	"PhaseResolution": 1,
	"ReceiveCoilName": "HeadMatrix",
	"CoilString": "T:HEA;HEP",
	"PulseSequenceDetails": "%SiemensSeq%_tfl",
	"PercentPhaseFOV": 100,
	"PhaseEncodingSteps": 255,
	"AcquisitionMatrixPE": 256,
	"ReconMatrixPE": 256,
	"PixelBandwidth": 170,
	"DwellTime": 1.15e-05,
	"ImageOrientationPatientDICOM": [
		-0.111587,
		0.99373,
		-0.00698023,
		-0.0165651,
		-0.00888314,
		-0.999823	],
	"InPlanePhaseEncodingDirectionDICOM": "ROW",
	"ConversionSoftware": "dcm2niix",
	"ConversionSoftwareVersion": "v1.0.20181125  (JP2:OpenJPEG) (JP-LS:CharLS) Clang10.0.0"
}
